GEM
  remote: http://rubygems.org/
  specs:
    xcpretty (0.1.7)

PLATFORMS
  ruby

DEPENDENCIES
  xcpretty
